GEM
  remote: https://rubygems.org/
  specs:
    activesupport (4.2.6)
      i18n (~> 0.7)
      json (~> 1.7, >= 1.7.7)
      minitest (~> 5.1)
      thread_safe (~> 0.3, >= 0.3.4)
      tzinfo (~> 1.1)
    curses (1.2.4)
    dotenv (2.2.1)
    i18n (0.7.0)
    id3_tags (0.1.0)
      activesupport
      mimemagic
      taglib-ruby
    json (1.8.3)
    mimemagic (0.3.1)
    mini_portile2 (2.0.0)
    minitest (5.8.4)
    nokogiri (1.6.7.2)
      mini_portile2 (~> 2.0.0.rc2)
    taglib-ruby (0.7.1)
    thread_safe (0.3.5)
    tzinfo (1.2.2)
      thread_safe (~> 0.1)

PLATFORMS
  ruby

DEPENDENCIES
  curses
  dotenv
  id3_tags (~> 0.1.0)
  nokogiri

BUNDLED WITH
   1.16.1
